GEM
  remote: https://rubygems.org/
  specs:
    debug (1.7.2)
      irb (>= 1.5.0)
      reline (>= 0.3.1)
    io-console (0.6.0)
    irb (1.6.3)
      reline (>= 0.3.0)
    reline (0.3.3)
      io-console (~> 0.5)

PLATFORMS
  x64-mingw-ucrt

DEPENDENCIES
  debug

BUNDLED WITH
   2.3.26
